{
    "Manufacturer": "Value was not specified",
    "ManufacturersModelName": "BioSpec 70/30 USR",
    "DeviceSerialNumber": "Value was not specified",
    "StationName": "BioSpec 70/30 USR",
    "SoftwareVersion": "Value was not specified",
    "MagneticFieldStrength": 7.053381163413237,
    "ReceiveCoilName": "Value was not specified",
    "ReceiveCoilActiveElements": "Value was not specified",
    "GradientSetType": "S116",
    "MRTransmitCoilSequence": {
        "Name": null,
        "Manufacture": null,
        "Type": null
    },
    "CoilConfigName": "EDIT_Z106781_0030_1",
    "MatrixCoilMode": "ParallelExperiment",
    "CoilCombinationMethod": "Value was not specified",
    "PulseSequenceType": "EPI.ppg",
    "ScanningSequence": "EPI (pvm)",
    "SequenceVariant": "Value was not specified",
    "ScanOptions": {
        "RG": null,
        "CG": null,
        "PFF": null,
        "PFP": null,
        "FC": null,
        "SP": "On",
        "FP": null
    },
    "TaskName": "rest",    
    "SequenceName": "grandjeanDG_epi_v1",
    "PulseSequenceDetails": "grandjeanDG_epi_v1",
    "NonlinearGradientCorrection": "Value was not specified",
    "NumberShots": "Value was not specified",
    "ParallelReductionFactorInPlane": 1,
    "ParallelAcquisitionTechnique": "Value was not specified",
    "PartialFourier": "Value was not specified",
    "PartialFourierDirection": "Value was not specified",
    "PhaseEncodingDirection": "j",
    "EffectiveEchoSpacing": 6.2399999999999945e-06,
    "TotalReadoutTime": 0.0002495999999999998,
    "EchoTime": 0.015,
    "RepetitionTime": 1.0,
    "InversionTime": "Value was not specified",
    "SliceTiming": [
        0.0,
        9.861932938856015e-05,
        0.0001972386587771203,
        0.0002958579881656805,
        0.0003944773175542406,
        0.0004930966469428008,
        0.000591715976331361,
        0.0006903353057199211,
        0.0007889546351084812,
        0.0008875739644970414,
        0.0009861932938856016,
        0.0010848126232741618,
        0.001183431952662722,
        4.930966469428008e-05,
        0.00014792899408284024,
        0.0002465483234714004,
        0.00034516765285996055,
        0.0004437869822485207,
        0.0005424063116370809,
        0.000641025641025641,
        0.0007396449704142012,
        0.0008382642998027613,
        0.0009368836291913214,
        0.0010355029585798817,
        0.0011341222879684418,
        0.001232741617357002
    ],
    "DwellTime": 0.0002495999999999998,
    "FlipAngle": 50,
    "MultibandAccerlationFactor": "Value was not specified",
    "AnatomicalLandmarkCoordinates": "Value was not specified",
    "InstitutionName": "Douglas Mental Health Research Center",
    "InstitutionAddress": "Value was not specified",
    "InstitutionalDepartmentName": "Value was not specified"
}