{
    "Manufacturer": "Value was not specified",
    "ManufacturersModelName": "BioSpec 70/30 USR",
    "DeviceSerialNumber": "Value was not specified",
    "StationName": "BioSpec 70/30 USR",
    "SoftwareVersion": "Value was not specified",
    "MagneticFieldStrength": 7.054340807379133,
    "ReceiveCoilName": "Value was not specified",
    "ReceiveCoilActiveElements": "Value was not specified",
    "GradientSetType": "S116",
    "MRTransmitCoilSequence": {
        "Name": null,
        "Manufacture": null,
        "Type": null
    },
    "CoilConfigName": "EDIT_Z106781_0030_1",
    "MatrixCoilMode": "ParallelExperiment",
    "CoilCombinationMethod": "Value was not specified",
    "PulseSequenceType": "FLASH.ppg",
    "ScanningSequence": "FLASH (pvm)",
    "SequenceVariant": "Value was not specified",
    "ScanOptions": {
        "RG": null,
        "CG": null,
        "PFF": null,
        "PFP": null,
        "FC": null,
        "SP": "Off",
        "FP": null
    },
    "SequenceName": "grad_epi_T1_reg",
    "PulseSequenceDetails": "grad_epi_T1_reg",
    "NonlinearGradientCorrection": "Value was not specified",
    "NumberShots": "Value was not specified",
    "ParallelReductionFactorInPlane": 1,
    "ParallelAcquisitionTechnique": "Value was not specified",
    "PartialFourier": "Value was not specified",
    "PartialFourierDirection": "Value was not specified",
    "PhaseEncodingDirection": "i",
    "EffectiveEchoSpacing": 5.687500000000015e-05,
    "TotalReadoutTime": 0.007280000000000019,
    "EchoTime": 0.0045,
    "InversionTime": "Value was not specified",
    "SliceTiming": 0.0,
    "SliceEncodingDirection": "Value was not specified",
    "DwellTime": 0.007280000000000019,
    "FlipAngle": 20,
    "MultibandAccerlationFactor": "Value was not specified",
    "AnatomicalLandmarkCoordinates": "Value was not specified",
    "InstitutionName": "Douglas Mental Health Research Center",
    "InstitutionAddress": "Value was not specified",
    "InstitutionalDepartmentName": "Value was not specified"
}